PATH
  remote: .
  specs:
    proximal (0.0.1)
      abstract_type (~> 0.0.7)
      c_geohash (~> 1.1.2)
      hashie (~> 3.4.2)
      msgpack
      multi_json (~> 1.10.1)
      nokogiri (~> 1.6.6.2)
      rack
      rack-etag
      rbtree (~> 0.4.2)
      sinatra (~> 1.4.6)
      sysexits (= 1.0.2)
      thin

GEM
  remote: https://rubygems.org/
  specs:
    abstract_type (0.0.7)
    activesupport (2.3.18)
    c_geohash (1.1.2)
    daemons (1.2.3)
    eventmachine (1.2.0.1)
    hashie (3.4.3)
    mini_portile (0.6.2)
    msgpack (0.7.4)
    multi_json (1.10.1)
    nokogiri (1.6.6.4)
      mini_portile (~> 0.6.0)
    nori (2.6.0)
    rack (1.6.4)
    rack-etag (3.0.0)
    rack-protection (1.5.3)
      rack
    rbtree (0.4.2)
    sinatra (1.4.7)
      rack (~> 1.5)
      rack-protection (~> 1.4)
      tilt (>= 1.3, < 3)
    sysexits (1.0.2)
    thin (1.6.4)
      daemons (~> 1.0, >= 1.0.9)
      eventmachine (~> 1.0, >= 1.0.4)
      rack (~> 1.0)
    tilt (2.0.2)

PLATFORMS
  ruby

DEPENDENCIES
  activesupport
  nori
  proximal!
